GEM
  remote: https://rubygems.org/
  specs:
    dalli (2.6.2)
    kgio (2.8.0)
    memcachier (0.0.2)
    newrelic_rpm (3.6.0.78)
    nokogiri (1.5.9)
    rack (1.5.2)
    rack-protection (1.5.0)
      rack
    raindrops (0.11.0)
    sinatra (1.4.2)
      rack (~> 1.5, >= 1.5.2)
      rack-protection (~> 1.4)
      tilt (~> 1.3, >= 1.3.4)
    tilt (1.4.0)
    unicorn (4.6.2)
      kgio (~> 2.6)
      rack
      raindrops (~> 0.7)

PLATFORMS
  ruby

DEPENDENCIES
  dalli
  memcachier
  newrelic_rpm
  nokogiri
  sinatra
  unicorn
